GEM
  remote: https://rubygems.org/
  specs:
    artifactory (2.5.1)
    kitchen-salt (0.0.24)
      test-kitchen (~> 1.4)
    kitchen-vagrant (1.0.0)
      test-kitchen (~> 1.4)
    mixlib-install (2.1.10)
      artifactory
      mixlib-shellout
      mixlib-versioning
      thor
    mixlib-shellout (2.2.7)
    mixlib-versioning (1.1.0)
    net-scp (1.2.1)
      net-ssh (>= 2.6.5)
    net-ssh (4.0.1)
    net-ssh-gateway (1.2.0)
      net-ssh (>= 2.6.5)
    safe_yaml (1.0.4)
    test-kitchen (1.15.0)
      mixlib-install (>= 1.2, < 3.0)
      mixlib-shellout (>= 1.2, < 3.0)
      net-scp (~> 1.1)
      net-ssh (>= 2.9, < 5.0)
      net-ssh-gateway (~> 1.2)
      safe_yaml (~> 1.0)
      thor (~> 0.18)
    thor (0.19.4)
    unf (0.1.4)
      unf_ext
    unf_ext (0.0.7.2)

PLATFORMS
  ruby

DEPENDENCIES
  kitchen-salt (>= 0.0.18)
  kitchen-vagrant
  unf

BUNDLED WITH
   1.13.7
